GEM
  remote: https://rubygems.org/
  specs:
    net-http-persistent (2.9.4)
    rubygems-mirror (1.1.0)
      net-http-persistent (~> 2.9)

PLATFORMS
  ruby

DEPENDENCIES
  rubygems-mirror

BUNDLED WITH
   1.12.3
